GEM
  remote: https://rubygems.org/
  specs:
    colorize (0.8.1)
    database_cleaner (1.7.0)
    diff-lcs (1.3)
    docile (1.3.1)
    ethon (0.11.0)
      ffi (>= 1.3.0)
    ffi (1.9.18)
    json (2.1.0)
    mime-types (3.1)
      mime-types-data (~> 3.2015)
    mime-types-data (3.2016.0521)
    mini_portile2 (2.3.0)
    nokogiri (1.8.2)
      mini_portile2 (~> 2.3.0)
    rake (12.3.1)
    require_all (2.0.0)
    rspec (3.7.0)
      rspec-core (~> 3.7.0)
      rspec-expectations (~> 3.7.0)
      rspec-mocks (~> 3.7.0)
    rspec-core (3.7.0)
      rspec-support (~> 3.7.0)
    rspec-expectations (3.7.0)
      diff-lcs (>= 1.2.0, < 2.0)
      rspec-support (~> 3.7.0)
    rspec-mocks (3.7.0)
      diff-lcs (>= 1.2.0, < 2.0)
      rspec-support (~> 3.7.0)
    rspec-support (3.7.0)
    rspec_sequel_matchers (0.5.0)
      sequel (>= 3.8.0)
    rubyzip (1.2.1)
    sequel (5.8.0)
    simplecov (0.16.1)
      docile (~> 1.1)
      json (>= 1.8, < 3)
      simplecov-html (~> 0.10.0)
    simplecov-html (0.10.2)
    slop (4.6.2)
    sqlite3 (1.3.13)
    typhoeus (1.3.0)
      ethon (>= 0.9.0)

PLATFORMS
  ruby

DEPENDENCIES
  colorize (>= 0.8.1)
  database_cleaner (~> 1.7.0)
  mime-types (>= 3.1)
  nokogiri (~> 1.8.2)
  rake (~> 12.3.1)
  require_all (~> 2.0)
  rspec (~> 3.7)
  rspec_sequel_matchers (~> 0.5)
  rubyzip (~> 1.2.1)
  sequel (~> 5.8.0)
  simplecov (~> 0.16)
  slop (~> 4.6.2)
  sqlite3 (~> 1.3.13)
  typhoeus (~> 1.3.0)

BUNDLED WITH
   1.16.1
